PATH
  remote: .
  specs:
    facturacr (1.1.3)
      activemodel (>= 3.2)
      awesome_print (~> 1.8)
      colorize (~> 0.8)
      nokogiri (~> 1.8)
      rest-client (~> 2.0)
      thor (~> 1.2.1)

GEM
  remote: https://rubygems.org/
  specs:
    activemodel (7.0.7.2)
      activesupport (= 7.0.7.2)
    activesupport (7.0.7.2)
      concurrent-ruby (~> 1.0, >= 1.0.2)
      i18n (>= 1.6, < 2)
      minitest (>= 5.1)
      tzinfo (~> 2.0)
    awesome_print (1.9.2)
    colorize (0.8.1)
    concurrent-ruby (1.2.2)
    domain_name (0.5.20190701)
      unf (>= 0.0.5, < 1.0.0)
    http-accept (1.7.0)
    http-cookie (1.0.5)
      domain_name (~> 0.5)
    i18n (1.14.1)
      concurrent-ruby (~> 1.0)
    mime-types (3.5.1)
      mime-types-data (~> 3.2015)
    mime-types-data (3.2023.0808)
    mini_portile2 (2.8.4)
    minitest (5.11.3)
    minitest-colorize (0.0.5)
      minitest (>= 2.0)
    netrc (0.11.0)
    nokogiri (1.15.4)
      mini_portile2 (~> 2.8.2)
      racc (~> 1.4)
    racc (1.7.1)
    rake (13.0.1)
    rest-client (2.1.0)
      http-accept (>= 1.7.0, < 2.0)
      http-cookie (>= 1.0.2, < 2.0)
      mime-types (>= 1.16, < 4.0)
      netrc (~> 0.8)
    thor (1.2.2)
    tzinfo (2.0.6)
      concurrent-ruby (~> 1.0)
    unf (0.1.4)
      unf_ext
    unf_ext (0.0.8.2)

PLATFORMS
  ruby

DEPENDENCIES
  bundler
  facturacr!
  minitest (~> 5.11)
  minitest-colorize (~> 0.0)
  rake (>= 12.3.3)

BUNDLED WITH
   1.17.3
